GEM
  remote: https://rubygems.org/
  specs:
    benchmark_driver (0.14.13)
    pp (0.1.1)

PLATFORMS
  ruby

DEPENDENCIES
  benchmark_driver
  pp

RUBY VERSION
   ruby 2.6.1p33

BUNDLED WITH
   2.0.1
